GEM
  remote: http://rubygems.org/
  specs:
    activesupport (3.2.3)
      i18n (~> 0.6)
      multi_json (~> 1.0)
    git (1.2.5)
    i18n (0.6.0)
    jeweler (1.8.3)
      bundler (~> 1.0)
      git (>= 1.2.5)
      rake
      rdoc
    json (1.6.6)
    mime-types (1.18)
    multi_json (1.2.0)
    rake (0.9.2.2)
    rdoc (3.12)
      json (~> 1.4)
    rest-client (1.6.7)
      mime-types (>= 1.16)
    trollop (1.16.2)
    yell (0.5.1)

PLATFORMS
  ruby

DEPENDENCIES
  activesupport
  jeweler (~> 1.8.3)
  rdoc (~> 3.12)
  rest-client
  trollop
  yell
